GEM
  remote: https://rubygems.org/
  specs:
    activesupport (3.2.12)
      i18n (~> 0.6)
      multi_json (~> 1.0)
    addressable (2.3.3)
    backports (3.1.1)
    bourbon (3.1.1)
      sass (>= 3.2.0)
      thor
    columnize (0.3.6)
    daemons (1.1.9)
    debugger (1.5.0)
      columnize (>= 0.3.1)
      debugger-linecache (~> 1.2.0)
      debugger-ruby_core_source (~> 1.2.0)
    debugger-linecache (1.2.0)
    debugger-ruby_core_source (1.2.0)
    eventmachine (1.0.3)
    faraday (0.8.6)
      multipart-post (~> 1.1)
    foreman (0.62.0)
      thor (>= 0.13.6)
    github_api (0.9.3)
      faraday (~> 0.8.1)
      hashie (~> 2.0)
      multi_json (~> 1.4)
      nokogiri (~> 1.5.2)
      oauth2
    hashie (2.0.2)
    httparty (0.10.2)
      multi_json (~> 1.0)
      multi_xml (>= 0.5.2)
    httpauth (0.2.0)
    httpclient (2.3.3)
    i18n (0.6.4)
    jsmin (1.0.1)
    json (1.7.7)
    jwt (0.1.8)
      multi_json (>= 1.5)
    kgio (2.8.0)
    koala (1.6.0)
      addressable (~> 2.2)
      faraday (~> 0.8)
      multi_json (~> 1.3)
    multi_json (1.7.0)
    multi_xml (0.5.3)
    multipart-post (1.2.0)
    neat (1.2.0)
      bourbon (>= 2.1)
      sass (>= 3.2)
    nokogiri (1.5.6)
    oauth (0.4.7)
    oauth2 (0.9.1)
      faraday (~> 0.8)
      httpauth (~> 0.1)
      jwt (~> 0.1.4)
      multi_json (~> 1.0)
      multi_xml (~> 0.5)
      rack (~> 1.2)
    rack (1.5.2)
    rack-protection (1.5.0)
      rack
    rack-test (0.6.2)
      rack (>= 1.0)
    raindrops (0.10.0)
    rake (10.0.3)
    sass (3.2.7)
    sinatra (1.3.6)
      rack (~> 1.4)
      rack-protection (~> 1.3)
      tilt (~> 1.3, >= 1.3.3)
    sinatra-assetpack (0.1.7)
      jsmin
      rack-test
      sinatra
      tilt (>= 1.3.0)
    sinatra-contrib (1.3.2)
      backports (>= 2.0)
      eventmachine
      rack-protection
      rack-test
      sinatra (~> 1.3.0)
      tilt (~> 1.3)
    thin (1.5.0)
      daemons (>= 1.0.9)
      eventmachine (>= 0.12.6)
      rack (>= 1.0.0)
    thor (0.17.0)
    tilt (1.3.5)
    tzinfo (0.3.37)
    unicorn (4.6.2)
      kgio (~> 2.6)
      rack
      raindrops (~> 0.7)
    vimeo (1.5.3)
      httparty (>= 0.4.5)
      httpclient (>= 2.1.5.2)
      json (>= 1.1.9)
      multipart-post (>= 1.0.1)
      oauth (>= 0.4.3)

PLATFORMS
  ruby

DEPENDENCIES
  activesupport
  bourbon
  debugger
  foreman
  github_api
  i18n
  koala
  neat
  rake
  sass
  sinatra
  sinatra-assetpack
  sinatra-contrib
  thin
  tzinfo
  unicorn
  vimeo
