GEM
  remote: https://rubygems.org/
  specs:
    activesupport (3.2.12)
      i18n (~> 0.6)
      multi_json (~> 1.0)
    addressable (2.3.2)
    backports (2.8.2)
    bourbon (3.1.0)
      sass (>= 3.2.0)
      thor
    columnize (0.3.6)
    cookiejar (0.3.0)
    daemons (1.1.9)
    debugger (1.2.4)
      columnize (>= 0.3.1)
      debugger-linecache (~> 1.1.1)
      debugger-ruby_core_source (~> 1.1.7)
    debugger-linecache (1.1.2)
      debugger-ruby_core_source (>= 1.1.1)
    debugger-ruby_core_source (1.1.7)
    em-http-request (1.0.3)
      addressable (>= 2.2.3)
      cookiejar
      em-socksify
      eventmachine (>= 1.0.0.beta.4)
      http_parser.rb (>= 0.5.3)
    em-resolv-replace (1.1.3)
    em-socksify (0.2.1)
      eventmachine (>= 1.0.0.beta.4)
    em-synchrony (1.0.3)
      eventmachine (>= 1.0.0.beta.1)
    eventmachine (1.0.0)
    faraday (0.8.5)
      multipart-post (~> 1.1)
    foreman (0.61.0)
      thor (>= 0.13.6)
    github_api (0.8.11)
      faraday (~> 0.8.1)
      hashie (~> 1.2.0)
      multi_json (~> 1.4)
      nokogiri (~> 1.5.2)
      oauth2
    hashie (1.2.0)
    http_parser.rb (0.5.3)
    httparty (0.10.2)
      multi_json (~> 1.0)
      multi_xml (>= 0.5.2)
    httpauth (0.2.0)
    httpclient (2.3.2)
    i18n (0.6.1)
    jsmin (1.0.1)
    json (1.7.7)
    jwt (0.1.5)
      multi_json (>= 1.0)
    koala (1.6.0)
      addressable (~> 2.2)
      faraday (~> 0.8)
      multi_json (~> 1.3)
    multi_json (1.6.1)
    multi_xml (0.5.3)
    multipart-post (1.1.5)
    neat (1.1.0)
      bourbon (>= 2.1)
      sass (>= 3.2)
    nokogiri (1.5.6)
    oauth (0.4.7)
    oauth2 (0.9.0)
      faraday (~> 0.8)
      httpauth (~> 0.1)
      jwt (~> 0.1.4)
      multi_json (~> 1.0)
      multi_xml (~> 0.5)
      rack (~> 1.2)
    rack (1.5.2)
    rack-fiber_pool (0.9.2)
    rack-protection (1.3.2)
      rack
    rack-test (0.6.2)
      rack (>= 1.0)
    rake (10.0.3)
    sass (3.2.5)
    sinatra (1.3.4)
      rack (~> 1.4)
      rack-protection (~> 1.3)
      tilt (~> 1.3, >= 1.3.3)
    sinatra-assetpack (0.1.5)
      jsmin
      rack-test
      sinatra
      tilt (>= 1.3.0)
    sinatra-contrib (1.3.2)
      backports (>= 2.0)
      eventmachine
      rack-protection
      rack-test
      sinatra (~> 1.3.0)
      tilt (~> 1.3)
    sinatra-synchrony (0.4.1)
      em-http-request (~> 1.0)
      em-resolv-replace (~> 1.1)
      em-synchrony (~> 1.0.1)
      eventmachine (~> 1.0.0)
      rack-fiber_pool (~> 0.9)
      sinatra (~> 1.0)
    thin (1.5.0)
      daemons (>= 1.0.9)
      eventmachine (>= 0.12.6)
      rack (>= 1.0.0)
    thor (0.17.0)
    tilt (1.3.3)
    tzinfo (0.3.35)
    vimeo (1.5.3)
      httparty (>= 0.4.5)
      httpclient (>= 2.1.5.2)
      json (>= 1.1.9)
      multipart-post (>= 1.0.1)
      oauth (>= 0.4.3)

PLATFORMS
  ruby

DEPENDENCIES
  activesupport
  bourbon
  debugger
  foreman
  github_api
  i18n
  koala
  neat
  rake
  sass
  sinatra
  sinatra-assetpack
  sinatra-contrib
  sinatra-synchrony
  thin
  tzinfo
  vimeo
